GEM
  remote: http://rubygems.org/
  specs:
    json (1.6.1)
    json (1.6.1-java)
    nokogiri (1.5.0)
    nokogiri (1.5.0-java)
    xmpp4r (0.5)

PLATFORMS
  java
  ruby

DEPENDENCIES
  json
  nokogiri
  xmpp4r
